PATH
  remote: .
  specs:
    Consort (0.0.0)

GEM
  remote: https://rubygems.org/
  specs:
    power_assert (1.1.3)
    rake (12.3.2)
    test-unit (3.3.0)
      power_assert

PLATFORMS
  ruby

DEPENDENCIES
  Consort!
  rake
  test-unit

RUBY VERSION
   ruby 2.5.3p105

BUNDLED WITH
   2.0.1
